FRAMEWORK: >= NET46
NUGET
  remote: https://www.nuget.org/api/v2
  specs:
    YamlDotNet (3.7.0)
